PATH
  remote: .
  specs:
    hiroto_push (0.1.0)

GEM
  remote: https://rubygems.org/
  specs:
    power_assert (1.2.0)
    rake (13.0.6)
    test-unit (3.3.7)
      power_assert

PLATFORMS
  ruby
  x86_64-linux

DEPENDENCIES
  hiroto_push!
  rake (~> 13.0)
  test-unit (~> 3.0)

BUNDLED WITH
   2.5.5
